GEM
  remote: https://rubygems.org/
  specs:
    ast (2.3.0)
    coolline (0.5.0)
      unicode_utils (~> 1.4)
    docile (1.1.5)
    erubis (2.7.0)
    flay (2.8.0)
      erubis (~> 2.7.0)
      path_expander (~> 1.0)
      ruby_parser (~> 3.0)
      sexp_processor (~> 4.0)
    flog (4.4.0)
      path_expander (~> 1.0)
      ruby_parser (~> 3.1, > 3.1.0)
      sexp_processor (~> 4.4)
    httparty (0.14.0)
      multi_xml (>= 0.5.2)
    json (2.0.2)
    minitest (5.9.1)
    minitest-rg (5.2.0)
      minitest (~> 5.0)
    multi_xml (0.5.5)
    parser (2.3.1.4)
      ast (~> 2.2)
    path_expander (1.0.0)
    powerpack (0.1.1)
    pry-coolline (0.2.5)
      coolline (~> 0.5)
    rainbow (2.1.0)
    rake (11.3.0)
    rubocop (0.44.1)
      parser (>= 2.3.1.1, < 3.0)
      powerpack (~> 0.1)
      rainbow (>= 1.99.1, < 3.0)
      ruby-progressbar (~> 1.7)
      unicode-display_width (~> 1.0, >= 1.0.1)
    ruby-progressbar (1.8.1)
    ruby_parser (3.8.2)
      sexp_processor (~> 4.1)
    sexp_processor (4.7.0)
    simplecov (0.12.0)
      docile (~> 1.1.0)
      json (>= 1.8, < 3)
      simplecov-html (~> 0.10.0)
    simplecov-html (0.10.0)
    unicode-display_width (1.1.1)
    unicode_utils (1.4.0)

PLATFORMS
  ruby

DEPENDENCIES
  flay
  flog
  httparty
  minitest
  minitest-rg
  pry-coolline
  rake
  rubocop
  simplecov

RUBY VERSION
   ruby 2.3.1p112

BUNDLED WITH
   1.13.4
