PATH
  remote: .
  specs:
    tweetsearch (0.1.0)
      httparty (~> 0.14)

GEM
  remote: https://rubygems.org/
  specs:
    addressable (2.4.0)
    ast (2.3.0)
    crack (0.4.3)
      safe_yaml (~> 1.0.0)
    docile (1.1.5)
    dotenv (2.1.1)
    erubis (2.7.0)
    flay (2.8.1)
      erubis (~> 2.7.0)
      path_expander (~> 1.0)
      ruby_parser (~> 3.0)
      sexp_processor (~> 4.0)
    flog (4.4.0)
      path_expander (~> 1.0)
      ruby_parser (~> 3.1, > 3.1.0)
      sexp_processor (~> 4.4)
    hashdiff (0.3.0)
    httparty (0.14.0)
      multi_xml (>= 0.5.2)
    json (2.0.2)
    minitest (5.9.1)
    minitest-rg (5.2.0)
      minitest (~> 5.0)
    multi_xml (0.5.5)
    parser (2.3.1.4)
      ast (~> 2.2)
    path_expander (1.0.0)
    powerpack (0.1.1)
    rainbow (2.1.0)
    rake (11.3.0)
    rubocop (0.44.1)
      parser (>= 2.3.1.1, < 3.0)
      powerpack (~> 0.1)
      rainbow (>= 1.99.1, < 3.0)
      ruby-progressbar (~> 1.7)
      unicode-display_width (~> 1.0, >= 1.0.1)
    ruby-progressbar (1.8.1)
    ruby_parser (3.8.3)
      sexp_processor (~> 4.1)
    safe_yaml (1.0.4)
    sexp_processor (4.7.0)
    simplecov (0.12.0)
      docile (~> 1.1.0)
      json (>= 1.8, < 3)
      simplecov-html (~> 0.10.0)
    simplecov-html (0.10.0)
    unicode-display_width (1.1.1)
    vcr (3.0.3)
    webmock (2.1.0)
      addressable (>= 2.3.6)
      crack (>= 0.3.2)
      hashdiff

PLATFORMS
  ruby

DEPENDENCIES
  dotenv (~> 2.1)
  flay (~> 2.8)
  flog (~> 4.4)
  httparty (~> 0.14)
  minitest (~> 5.9)
  minitest-rg (~> 5.2)
  rake (~> 11.3)
  rubocop (~> 0.42)
  simplecov (~> 0.12)
  tweetsearch!
  vcr (~> 3.0)
  webmock (~> 2.1)

RUBY VERSION
   ruby 2.3.1p112

BUNDLED WITH
   1.13.6
